GEM
  remote: https://rubygems.org/
  specs:
    hl-geocoder (0.1.0)
    tba (0.2.1)

PLATFORMS
  ruby

DEPENDENCIES
  hl-geocoder
  tba

RUBY VERSION
   ruby 2.0.0p645

BUNDLED WITH
   1.13.6
